PATH
  remote: .
  specs:
    dinero_mail_ipn (2.0.4)
      chronic (~> 0.10.2)
      httparty (~> 0.8.1)
      nokogiri (~> 1.5.0)

GEM
  remote: https://rubygems.org/
  specs:
    chronic (0.10.2)
    columnize (0.8.9)
    debugger-linecache (1.2.0)
    fakeweb (1.3.0)
    httparty (0.8.3)
      multi_json (~> 1.0)
      multi_xml
    multi_json (1.11.0)
    multi_xml (0.5.5)
    nokogiri (1.5.11)
    rake (0.9.2.2)
    redcarpet (2.0.1)
    shoulda (2.11.3)
    slop (3.6.0)
    yard (0.7.4)

PLATFORMS
  ruby

DEPENDENCIES
  dinero_mail_ipn!
  fakeweb (~> 1.3.0)
  rake
  redcarpet (~> 2.0.1)
  shoulda (~> 2.11.3)
  yard (~> 0.7.4)
