PATH
  remote: .
  specs:
    dinero_mail_ipn (2.0.4)
      chronic (~> 0.10.2)
      httparty (~> 0.8.1)
      nokogiri (~> 1.5)

GEM
  remote: https://rubygems.org/
  specs:
    byebug (9.0.6)
    chronic (0.10.2)
    fakeweb (1.3.0)
    httparty (0.8.3)
      multi_json (~> 1.0)
      multi_xml
    multi_json (1.11.0)
    multi_xml (0.5.5)
    nokogiri (1.5.11)
    power_assert (0.2.6)
    rake (0.9.2.2)
    redcarpet (2.0.1)
    shoulda (2.11.3)
    test-unit (3.1.5)
      power_assert
    yard (0.7.4)

PLATFORMS
  ruby

DEPENDENCIES
  byebug
  dinero_mail_ipn!
  fakeweb (~> 1.3.0)
  rake
  redcarpet (~> 2.0.1)
  shoulda (~> 2.11.3)
  test-unit
  yard (~> 0.7.4)

BUNDLED WITH
   1.13.7
